GEM
  remote: http://rubygems.org/
  specs:
    coffee-script (2.2.0)
      coffee-script-source
      execjs
    coffee-script-source (1.3.3)
    execjs (1.4.0)
      multi_json (~> 1.0)
    hike (1.2.1)
    jasmine-core (1.2.0)
    jasmine-headless-webkit (0.9.0.rc.2)
      coffee-script
      jasmine-core
      multi_json (>= 1.2.0)
      rainbow
      sprockets
      sprockets-vendor_gems
    multi_json (1.3.5)
    rack (1.4.1)
    rainbow (1.1.4)
    sprockets (2.4.3)
      hike (~> 1.2)
      multi_json (~> 1.0)
      rack (~> 1.0)
      tilt (~> 1.1, != 1.3.0)
    sprockets-vendor_gems (0.1.1)
    tilt (1.3.3)

PLATFORMS
  ruby

DEPENDENCIES
  jasmine-headless-webkit (= 0.9.0.rc2)
